GEM
  remote: http://rubygems.org/
  specs:
    activesupport (3.1.1)
      multi_json (~> 1.0)
    gravatar-ultimate (1.0.2)
      sc-core-ext (>= 1.2.0)
    haml (3.1.2)
    i18n (0.6.0)
    multi_json (1.0.3)
    rack (1.3.4)
    rack-protection (1.1.4)
      rack
    sass (3.1.12)
    sc-core-ext (1.2.1)
      activesupport (>= 2.3.5)
    sinatra (1.3.1)
      rack (~> 1.3, >= 1.3.4)
      rack-protection (~> 1.1, >= 1.1.2)
      tilt (~> 1.3, >= 1.3.3)
    tilt (1.3.3)

PLATFORMS
  ruby

DEPENDENCIES
  gravatar-ultimate
  haml
  i18n
  sass
  sinatra
